GEM
  remote: http://rubygems.org/
  specs:
    activemodel (3.0.10)
      activesupport (= 3.0.10)
      builder (~> 2.1.2)
      i18n (~> 0.5.0)
    activesupport (3.0.10)
    bson (1.3.1)
    bson_ext (1.3.1)
    builder (2.1.2)
    capybara (1.1.1)
      mime-types (>= 1.16)
      nokogiri (>= 1.3.3)
      rack (>= 1.0.0)
      rack-test (>= 0.5.4)
      selenium-webdriver (~> 2.0)
      xpath (~> 0.1.4)
    childprocess (0.2.2)
      ffi (~> 1.0.6)
    coffee-script (2.2.0)
      coffee-script-source
      execjs
    coffee-script-source (1.1.2)
    configuration (1.3.1)
    database_cleaner (0.6.7)
    diff-lcs (1.1.3)
    execjs (1.2.6)
      multi_json (~> 1.0)
    ffi (1.0.9)
    guard (0.8.4)
      thor (~> 0.14.6)
    guard-bundler (0.1.3)
      bundler (>= 1.0.0)
      guard (>= 0.2.2)
    guard-coffeescript (0.5.2)
      coffee-script (>= 2.2.0)
      guard (>= 0.8.3)
    guard-rspec (0.4.5)
      guard (>= 0.4.0)
    guard-shell (0.1.1)
      guard (>= 0.2.0)
    haml (3.1.2)
    heroku (2.3.3)
      launchy (>= 0.3.2)
      rest-client (~> 1.6.1)
      term-ansicolor (~> 1.0.5)
    i18n (0.5.0)
    jasmine (1.1.0)
      jasmine-core (>= 1.1.0)
      rack (>= 1.1)
      rspec (>= 1.3.1)
      selenium-webdriver (>= 0.1.3)
    jasmine-core (1.1.0)
    json_pure (1.6.0)
    launchy (0.4.0)
      configuration (>= 0.0.5)
      rake (>= 0.8.1)
    mime-types (1.16)
    mongo (1.3.1)
      bson (>= 1.3.1)
    mongoid (2.1.8)
      activemodel (~> 3.0)
      mongo (~> 1.3)
      tzinfo (~> 0.3.22)
    multi_json (1.0.3)
    nokogiri (1.5.0)
    rack (1.3.2)
    rack-test (0.6.1)
      rack (>= 1.0)
    rake (0.9.2)
    rb-fsevent (0.4.3.1)
    rest-client (1.6.3)
      mime-types (>= 1.16)
    rspec (2.6.0)
      rspec-core (~> 2.6.0)
      rspec-expectations (~> 2.6.0)
      rspec-mocks (~> 2.6.0)
    rspec-core (2.6.4)
    rspec-expectations (2.6.0)
      diff-lcs (~> 1.1.2)
    rspec-mocks (2.6.0)
    rubyzip (0.9.4)
    selenium-webdriver (2.6.0)
      childprocess (>= 0.2.1)
      ffi (>= 1.0.7)
      json_pure
      rubyzip
    sinatra (1.2.6)
      rack (~> 1.1)
      tilt (>= 1.2.2, < 2.0)
    term-ansicolor (1.0.5)
    thor (0.14.6)
    tilt (1.3.2)
    tzinfo (0.3.29)
    xpath (0.1.4)
      nokogiri (~> 1.3)

PLATFORMS
  ruby

DEPENDENCIES
  bson_ext
  capybara
  coffee-script
  database_cleaner
  guard
  guard-bundler
  guard-coffeescript
  guard-rspec
  guard-shell
  haml
  heroku
  jasmine
  mongoid
  rack-test
  rb-fsevent
  rspec
  sinatra
